GEM
  remote: http://rubygems.org/
  specs:
    diff-lcs (1.1.3)
    hoe (3.0.3)
      rake (~> 0.8)
    hpricot (0.8.6)
    mechanize (1.0.0)
      nokogiri (>= 1.2.1)
    mini_portile2 (2.4.0)
    nokogiri (1.10.8)
      mini_portile2 (~> 2.4.0)
    ofx-parser (1.0.2)
      hoe (>= 1.5.1)
      hpricot (>= 0.6)
    rake (0.9.2.2)
    rspec (2.9.0)
      rspec-core (~> 2.9.0)
      rspec-expectations (~> 2.9.0)
      rspec-mocks (~> 2.9.0)
    rspec-core (2.9.0)
    rspec-expectations (2.9.1)
      diff-lcs (~> 1.1.3)
    rspec-mocks (2.9.0)

PLATFORMS
  ruby

DEPENDENCIES
  mechanize (= 1.0.0)
  ofx-parser (= 1.0.2)
  rspec
